GEM
  remote: https://rubygems.org/
  specs:
    addressable (2.3.6)
    configuration (1.3.4)
    faraday (0.9.0)
      multipart-post (>= 1.2, < 3)
    gosu (0.7.50)
    multipart-post (2.0.0)
    octokit (2.7.2)
      sawyer (~> 0.5.2)
    rtanque (0.1.2)
      configuration (~> 1.3.2)
      gosu (~> 0.7.45)
      octokit (~> 2.7.0)
      texplay
      thor (~> 0.17.0)
    sawyer (0.5.4)
      addressable (~> 2.3.5)
      faraday (~> 0.8, < 0.10)
    texplay (0.4.3)
      gosu (>= 0.7.25)
    thor (0.17.0)

PLATFORMS
  ruby

DEPENDENCIES
  rtanque
